GIT
  remote: git://github.com/makevoid/voidtools
  revision: 5da52b18b264f77363bf7a3474f12bbccadf3bc3
  specs:
    voidtools (0.2.3)

GEM
  remote: http://rubygems.org/
  specs:
    backports (2.3.0)
    haml (3.1.2)
    monkey-lib (0.5.4)
      backports
    rack (1.3.2)
    rack-flash (0.1.2)
      rack
    sass (3.1.7)
    sinatra (1.2.6)
      rack (~> 1.1)
      tilt (>= 1.2.2, < 2.0)
    sinatra-advanced-routes (0.5.1)
      monkey-lib (~> 0.5.0)
      sinatra (~> 1.0)
      sinatra-sugar (~> 0.5.0)
    sinatra-reloader (0.5.0)
      sinatra (~> 1.0)
      sinatra-advanced-routes (~> 0.5.0)
    sinatra-sugar (0.5.1)
      monkey-lib (~> 0.5.0)
      sinatra (~> 1.0)
    tilt (1.3.2)

PLATFORMS
  ruby

DEPENDENCIES
  haml
  rack-flash
  sass
  sinatra
  sinatra-reloader
  voidtools!
